GEM
  remote: https://rubygems.org/
  specs:
    sys-proctable (0.9.3)

PLATFORMS
  ruby

DEPENDENCIES
  sys-proctable
